GEM
  remote: http://rubygems.org/
  specs:
    actionpack (3.1.3)
      activemodel (= 3.1.3)
      activesupport (= 3.1.3)
      builder (~> 3.0.0)
      erubis (~> 2.7.0)
      i18n (~> 0.6)
      rack (~> 1.3.5)
      rack-cache (~> 1.1)
      rack-mount (~> 0.8.2)
      rack-test (~> 0.6.1)
      sprockets (~> 2.0.3)
    activemodel (3.1.3)
      activesupport (= 3.1.3)
      builder (~> 3.0.0)
      i18n (~> 0.6)
    activerecord (3.1.3)
      activemodel (= 3.1.3)
      activesupport (= 3.1.3)
      arel (~> 2.2.1)
      tzinfo (~> 0.3.29)
    activesupport (3.1.3)
      multi_json (~> 1.0)
    arel (2.2.1)
    builder (3.0.0)
    erubis (2.7.0)
    events (0.9.7)
    fastercsv (1.5.4)
    fattr (2.2.0)
    git (1.2.5)
    highline (1.6.9)
    hike (1.2.1)
    i18n (0.6.0)
    jeweler (1.8.4)
      bundler (~> 1.0)
      git (>= 1.2.5)
      rake
      rdoc
    json (1.7.4)
    json_pure (1.6.3)
    mime-types (1.17.2)
    multi_json (1.0.4)
    options (2.3.0)
      fattr
    rack (1.3.5)
    rack-cache (1.1)
      rack (>= 0.4)
    rack-mount (0.8.3)
      rack (>= 1.0.0)
    rack-test (0.6.1)
      rack (>= 1.0)
    rainbow (1.1.3)
    rake (0.9.2.2)
    rally_api (0.5.2)
      rest-client (>= 1.6.7)
    rdoc (3.12)
      json (~> 1.4)
    require_all (1.2.1)
    rest-client (1.6.7)
      mime-types (>= 1.16)
    shoulda (2.11.3)
    sprockets (2.0.3)
      hike (~> 1.2)
      rack (~> 1.0)
      tilt (~> 1.1, != 1.3.0)
    sqlite3 (1.3.5)
    tilt (1.3.3)
    trollop (1.16.2)
    tzinfo (0.3.31)

PLATFORMS
  ruby

DEPENDENCIES
  actionpack (~> 3.1.0)
  activemodel (~> 3.1.0)
  activerecord (~> 3.1.0)
  activesupport (~> 3.1.0)
  bundler (~> 1.1.0)
  events
  fastercsv
  highline
  i18n (~> 0.6.0)
  jeweler (~> 1.8.4)
  json_pure
  multi_json (~> 1.0)
  options
  rainbow
  rake
  rally_api (>= 0.5.2)
  require_all
  rest-client
  shoulda
  sqlite3
  trollop
